PATH
  remote: ../playgroundbook
  specs:
    playgroundbook (0.5.0)
      colored (~> 1.2)
      cork (~> 0.1)
      plist (~> 3.2)

GEM
  remote: https://rubygems.org/
  specs:
    colored (1.2)
    cork (0.2.0)
      colored (~> 1.2)
    plist (3.2.0)

PLATFORMS
  ruby

DEPENDENCIES
  playgroundbook!

BUNDLED WITH
   1.13.1
